GEM
  remote: https://rubygems.org/
  specs:
    ffi (1.9.23)
    minitar (0.6.1)
    systemu (2.6.5)

PLATFORMS
  ruby

DEPENDENCIES
  ffi
  minitar
  systemu

BUNDLED WITH
   1.16.1
